GIT
  remote: https://github.com/zena/rubyless.git
  revision: e52f307835d022013612cc7de00bbe320fba193d
  branch: 2.2.1
  specs:
    rubyless (0.9.0)
      ruby_parser (~> 2.3.1)
      sexp_processor (>= 3.0.1)

GIT
  remote: https://github.com/zena/yamltest.git
  revision: 5b1e20406376634ac4f8c38d7df42e9f45fd3da7
  branch: 2.2.1
  specs:
    yamltest (0.9.0)

GEM
  remote: https://rubygems.org/
  specs:
    json (1.8.3)
    power_assert (0.2.7)
    rake (10.4.2)
    rdoc (3.12)
      json (~> 1.4)
    ruby_parser (2.3.1)
      sexp_processor (~> 3.0)
    sexp_processor (3.2.0)
    shoulda (2.10.3)
    test-unit (3.1.8)
      power_assert

PLATFORMS
  ruby

DEPENDENCIES
  rake (= 10.4.2)
  rdoc (= 3.12)
  rubyless (= 0.9.0)!
  shoulda (= 2.10.3)
  test-unit (= 3.1.8)
  yamltest (= 0.9.0)!

BUNDLED WITH
   1.13.6
